GEM
  remote: https://rubygems.org/
  specs:
    actionpack (7.1.3.4)
      actionview (= 7.1.3.4)
      activesupport (= 7.1.3.4)
      nokogiri (>= 1.8.5)
      racc
      rack (>= 2.2.4)
      rack-session (>= 1.0.1)
      rack-test (>= 0.6.3)
      rails-dom-testing (~> 2.2)
      rails-html-sanitizer (~> 1.6)
    actionview (7.1.3.4)
      activesupport (= 7.1.3.4)
      builder (~> 3.1)
      erubi (~> 1.11)
      rails-dom-testing (~> 2.2)
      rails-html-sanitizer (~> 1.6)
    activesupport (7.1.3.4)
      base64
      bigdecimal
      concurrent-ruby (~> 1.0, >= 1.0.2)
      connection_pool (>= 2.2.5)
      drb
      i18n (>= 1.6, < 2)
      minitest (>= 5.1)
      mutex_m
      tzinfo (~> 2.0)
    addressable (2.8.7)
      public_suffix (>= 2.0.2, < 7.0)
    base64 (0.2.0)
    bigdecimal (3.1.8)
    builder (3.3.0)
    coderay (1.1.3)
    colored (1.2)
    concurrent-ruby (1.3.3)
    connection_pool (2.4.1)
    crass (1.0.6)
    cri (2.15.12)
    ddmetrics (1.1.0)
    ddplugin (1.0.3)
    diff-lcs (1.5.1)
    drb (2.2.1)
    erubi (1.13.0)
    i18n (1.14.5)
      concurrent-ruby (~> 1.0)
    immutable-ruby (0.2.0)
      concurrent-ruby (~> 1.1)
      sorted_set (~> 1.0)
    io-console (0.7.2)
    irb (1.14.0)
      rdoc (>= 4.0.0)
      reline (>= 0.4.2)
    json_schema (0.21.0)
    loofah (2.22.0)
      crass (~> 1.0.2)
      nokogiri (>= 1.12.0)
    memo_wise (1.9.0)
    method_source (1.1.0)
    minitest (5.24.1)
    mutex_m (0.2.0)
    nanoc (4.13.0)
      addressable (~> 2.5)
      colored (~> 1.2)
      nanoc-checking (~> 1.0, >= 1.0.2)
      nanoc-cli (= 4.13.0)
      nanoc-core (= 4.13.0)
      nanoc-deploying (~> 1.0)
      parallel (~> 1.12)
      tty-command (~> 0.8)
      tty-which (~> 0.4)
    nanoc-checking (1.0.5)
      nanoc-cli (~> 4.12, >= 4.12.5)
      nanoc-core (~> 4.12, >= 4.12.5)
    nanoc-cli (4.13.0)
      cri (~> 2.15)
      diff-lcs (~> 1.3)
      nanoc-core (= 4.13.0)
      pry
      zeitwerk (~> 2.1)
    nanoc-core (4.13.0)
      base64 (~> 0.2)
      concurrent-ruby (~> 1.1)
      ddmetrics (~> 1.0)
      ddplugin (~> 1.0)
      immutable-ruby (~> 0.1)
      json_schema (~> 0.19)
      memo_wise (~> 1.5)
      psych (>= 4.0, < 6.0)
      slow_enumerator_tools (~> 1.0)
      tty-platform (~> 0.2)
      zeitwerk (~> 2.1)
    nanoc-deploying (1.0.2)
      nanoc-checking (~> 1.0)
      nanoc-cli (~> 4.11, >= 4.11.15)
      nanoc-core (~> 4.11, >= 4.11.15)
    nokogiri (1.16.6-arm64-darwin)
      racc (~> 1.4)
    nokogiri (1.16.6-x86_64-darwin)
      racc (~> 1.4)
    nokogiri (1.16.6-x86_64-linux)
      racc (~> 1.4)
    parallel (1.25.1)
    pastel (0.8.0)
      tty-color (~> 0.5)
    pry (0.14.2)
      coderay (~> 1.1)
      method_source (~> 1.0)
    psych (5.1.2)
      stringio
    public_suffix (6.0.0)
    racc (1.8.0)
    rack (3.0.11)
    rack-session (2.0.0)
      rack (>= 3.0.0)
    rack-test (2.1.0)
      rack (>= 1.3)
    rackup (2.1.0)
      rack (>= 3)
      webrick (~> 1.8)
    rails-dom-testing (2.2.0)
      activesupport (>= 5.0.0)
      minitest
      nokogiri (>= 1.6)
    rails-html-sanitizer (1.6.0)
      loofah (~> 2.21)
      nokogiri (~> 1.14)
    railties (7.1.3.4)
      actionpack (= 7.1.3.4)
      activesupport (= 7.1.3.4)
      irb
      rackup (>= 1.0.0)
      rake (>= 12.2)
      thor (~> 1.0, >= 1.2.2)
      zeitwerk (~> 2.6)
    rake (13.2.1)
    rbtree (0.4.6)
    rdoc (6.7.0)
      psych (>= 4.0.0)
    reline (0.5.9)
      io-console (~> 0.5)
    set (1.1.0)
    slow_enumerator_tools (1.1.0)
    sorted_set (1.0.3)
      rbtree
      set (~> 1.0)
    stringio (3.1.1)
    tailwindcss-rails (2.6.3-arm64-darwin)
      railties (>= 7.0.0)
    tailwindcss-rails (2.6.3-x86_64-darwin)
      railties (>= 7.0.0)
    tailwindcss-rails (2.6.3-x86_64-linux)
      railties (>= 7.0.0)
    thor (1.3.1)
    tty-color (0.6.0)
    tty-command (0.10.1)
      pastel (~> 0.8)
    tty-platform (0.3.0)
    tty-which (0.5.0)
    tzinfo (2.0.6)
      concurrent-ruby (~> 1.0)
    webrick (1.8.1)
    zeitwerk (2.6.16)

PLATFORMS
  arm64-darwin
  x86_64-darwin
  x86_64-linux

DEPENDENCIES
  nanoc
  tailwindcss-rails

BUNDLED WITH
   2.5.15
